GEM
  remote: https://rubygems.org/
  specs:
    equatable (0.5.0)
    pastel (0.7.2)
      equatable (~> 0.5.0)
      tty-color (~> 0.4.0)
    strings (0.1.1)
      unicode-display_width (~> 1.3.0)
      unicode_utils (~> 1.4.0)
    tty-box (0.2.0)
      pastel (~> 0.7.2)
      strings (~> 0.1.1)
      tty-cursor (~> 0.6.0)
    tty-color (0.4.3)
    tty-cursor (0.6.0)
    unicode-display_width (1.3.3)
    unicode_utils (1.4.0)

PLATFORMS
  ruby

DEPENDENCIES
  tty-box

BUNDLED WITH
   1.16.1
